PATH
  remote: .
  specs:
    mesh (1.0.0)

GEM
  remote: https://rubygems.org/
  specs:

PLATFORMS
  ruby

DEPENDENCIES
  mesh!

BUNDLED WITH
   2.1.4
