PATH
  remote: .
  specs:
    mesh-rb (1.0.0)

GEM
  remote: https://rubygems.org/
  specs:

PLATFORMS
  ruby

DEPENDENCIES
  mesh-rb!

BUNDLED WITH
   2.1.4
